GIT
  remote: git://github.com/theodi/google-drive-ruby.git
  revision: 2ac538abec2dfc3ae45079946fbb2bd4f68970ba
  branch: support-ranges
  specs:
    google_drive (0.3.6)
      nokogiri (>= 1.4.4, != 1.5.2, != 1.5.1)
      oauth (>= 0.3.6)
      oauth2 (>= 0.5.0)

GIT
  remote: https://github.com/theodi/capsulecrm.git
  revision: 5351f3995366a2ecaff018776886fc1a115461ee
  specs:
    capsulecrm (0.0.4)
      activemodel (>= 3.0.5)
      activesupport (>= 3.0.5)
      httparty (>= 0.7.4)

GIT
  remote: https://github.com/theodi/open-orgn-services.git
  revision: 1989cd1a76a21e98e85de2ff5bbeae04579567c1
  specs:
    open-orgn-services (0.0.0)
      activemodel (~> 3.2, >= 3.2.12)
      capsulecrm
      eventbrite-client (~> 0.1, >= 0.1.4)
      fog (~> 1.12, >= 1.12.1)
      github_api (~> 0.9, >= 0.9.0, <= 0.10.1)
      google_drive (~> 0.3, >= 0.3.6)
      httparty
      leftronicapi (~> 1.2, >= 1.2.0)
      pony (~> 1.6, >= 1.6.2)
      rake (~> 10.0, >= 10.0.3)
      resque (~> 1.23, >= 1.23.0)
      resque-scheduler (~> 2.0, >= 2.0.0)
      ruby-trello (~> 0.5, >= 0.5.1)
      rufus-scheduler (< 3.0.0)
      xeroizer (~> 2.15, >= 2.15.3)

GIT
  remote: https://github.com/theodi/xeroizer.git
  revision: 7c86c917eaf515bcec012ea0fbf682669d50fbaa
  specs:
    xeroizer (2.15.3)
      activesupport (~> 3.2.12)
      builder (>= 2.1.2)
      i18n
      nokogiri
      oauth (~> 0.4.5)

GEM
  remote: https://rubygems.org/
  specs:
    activemodel (3.2.18)
      activesupport (= 3.2.18)
      builder (~> 3.0.0)
    activesupport (3.2.18)
      i18n (~> 0.6, >= 0.6.4)
      multi_json (~> 1.0)
    addressable (2.3.6)
    airbrake (4.0.0)
      builder
      multi_json
    builder (3.0.4)
    curb (0.8.5)
    daemons (1.1.9)
    dotenv (0.11.1)
      dotenv-deployment (~> 0.0.2)
    dotenv-deployment (0.0.2)
    eventbrite-client (0.1.4)
      httparty (~> 0.8.0)
      tzinfo (~> 0.3.22)
    eventmachine (1.0.3)
    excon (0.37.0)
    faraday (0.8.9)
      multipart-post (~> 1.2.0)
    fog (1.22.1)
      fog-brightbox
      fog-core (~> 1.22)
      fog-json
      ipaddress (~> 0.5)
      nokogiri (~> 1.5, >= 1.5.11)
    fog-brightbox (0.0.2)
      fog-core
      fog-json
    fog-core (1.22.0)
      builder
      excon (~> 0.33)
      formatador (~> 0.2)
      mime-types
      net-scp (~> 1.1)
      net-ssh (>= 2.1.3)
    fog-json (1.0.0)
      multi_json (~> 1.0)
    foreman (0.63.0)
      dotenv (>= 0.7)
      thor (>= 0.13.6)
    formatador (0.2.5)
    github_api (0.10.1)
      addressable
      faraday (~> 0.8.1)
      hashie (>= 1.2)
      multi_json (~> 1.4)
      nokogiri (~> 1.5.2)
      oauth2
    hashie (3.0.0)
    httparty (0.8.3)
      multi_json (~> 1.0)
      multi_xml
    i18n (0.6.9)
    ipaddress (0.8.0)
    json (1.8.1)
    jwt (1.0.0)
    leftronicapi (1.3.3)
      curb
      json
      rake
    mail (2.6.1)
      mime-types (>= 1.16, < 3)
    mime-types (2.3)
    mono_logger (1.1.0)
    multi_json (1.10.1)
    multi_xml (0.5.5)
    multipart-post (1.2.0)
    net-scp (1.2.1)
      net-ssh (>= 2.6.5)
    net-ssh (2.9.1)
    nokogiri (1.5.11)
    oauth (0.4.7)
    oauth2 (0.9.4)
      faraday (>= 0.8, < 0.10)
      jwt (~> 1.0)
      multi_json (~> 1.3)
      multi_xml (~> 0.5)
      rack (~> 1.2)
    pony (1.8)
      mail (>= 2.0)
    rack (1.5.2)
    rack-protection (1.5.3)
      rack
    rake (10.3.2)
    redis (3.0.7)
    redis-namespace (1.4.1)
      redis (~> 3.0.4)
    resque (1.25.2)
      mono_logger (~> 1.0)
      multi_json (~> 1.0)
      redis-namespace (~> 1.3)
      sinatra (>= 0.9.2)
      vegas (~> 0.1.2)
    resque-history (1.11.1)
      resque
    resque-scheduler (2.5.5)
      mono_logger (~> 1.0)
      redis (~> 3.0.4)
      resque (~> 1.25.1)
      rufus-scheduler (~> 2.0.24)
    rest-client (1.6.7)
      mime-types (>= 1.16)
    ruby-trello (0.6.0)
      activemodel
      addressable (~> 2.3)
      json
      oauth (~> 0.4.5)
      rest-client (~> 1.6.7)
    rufus-scheduler (2.0.24)
      tzinfo (>= 0.3.22)
    sinatra (1.4.5)
      rack (~> 1.4)
      rack-protection (~> 1.4)
      tilt (~> 1.3, >= 1.3.4)
    thin (1.6.2)
      daemons (>= 1.0.9)
      eventmachine (>= 1.0.0)
      rack (>= 1.0.0)
    thor (0.19.1)
    tilt (1.4.1)
    tzinfo (0.3.39)
    vegas (0.1.11)
      rack (>= 1.0.0)

PLATFORMS
  ruby

DEPENDENCIES
  airbrake
  capsulecrm!
  dotenv
  fog
  foreman (< 0.65)
  google_drive!
  open-orgn-services!
  resque-history
  resque-scheduler
  rufus-scheduler (< 3.0.0)
  thin
  xeroizer!
